GEM
  remote: https://rubygems.org/
  specs:
    breakpoint (2.5.0)
      sass (~> 3.3)
      sassy-maps (< 1.0.0)
    sass (3.4.5)
    sassy-maps (0.4.0)
      sass (~> 3.3)

PLATFORMS
  ruby

DEPENDENCIES
  breakpoint
  sass (>= 3.3)
